PATH
  remote: .
  specs:
    sous-chefs-foodcritic-rules (0.0.1)
      foodcritic

GEM
  remote: https://rubygems.org/
  specs:
    cucumber-core (1.5.0)
      gherkin (~> 4.0)
    diff-lcs (1.3)
    erubis (2.7.0)
    foodcritic (9.0.0)
      cucumber-core (>= 1.3)
      erubis
      nokogiri (>= 1.5, < 2.0)
      rake
      rufus-lru (~> 1.0)
      treetop (~> 1.4)
      yajl-ruby (~> 1.1)
    gherkin (4.0.0)
    mini_portile2 (2.1.0)
    nokogiri (1.6.8.1)
      mini_portile2 (~> 2.1.0)
    polyglot (0.3.5)
    rake (12.0.0)
    rspec (3.5.0)
      rspec-core (~> 3.5.0)
      rspec-expectations (~> 3.5.0)
      rspec-mocks (~> 3.5.0)
    rspec-core (3.5.4)
      rspec-support (~> 3.5.0)
    rspec-expectations (3.5.0)
      diff-lcs (>= 1.2.0, < 2.0)
      rspec-support (~> 3.5.0)
    rspec-mocks (3.5.0)
      diff-lcs (>= 1.2.0, < 2.0)
      rspec-support (~> 3.5.0)
    rspec-support (3.5.0)
    rufus-lru (1.1.0)
    treetop (1.6.8)
      polyglot (~> 0.3)
    yajl-ruby (1.3.0)

PLATFORMS
  ruby

DEPENDENCIES
  bundler
  rake
  rspec
  sous-chefs-foodcritic-rules!

BUNDLED WITH
   1.12.5
