PATH
  remote: .
  specs:
    sous-chefs-foodcritic-rules (0.1.0)
      foodcritic
      rspec-command
      simplecov

GEM
  remote: https://rubygems.org/
  specs:
    backports (3.8.0)
    cucumber-core (2.0.0)
      backports (~> 3.6)
      gherkin (~> 4.0)
    diff-lcs (1.3)
    docile (1.1.5)
    erubis (2.7.0)
    foodcritic (11.1.0)
      cucumber-core (>= 1.3)
      erubis
      nokogiri (>= 1.5, < 2.0)
      rake
      rufus-lru (~> 1.0)
      treetop (~> 1.4)
      yajl-ruby (~> 1.1)
    gherkin (4.1.3)
    json (2.1.0)
    mini_portile2 (2.1.0)
    mixlib-shellout (2.2.7)
    nokogiri (1.7.2)
      mini_portile2 (~> 2.1.0)
    polyglot (0.3.5)
    rake (12.0.0)
    rspec (3.6.0)
      rspec-core (~> 3.6.0)
      rspec-expectations (~> 3.6.0)
      rspec-mocks (~> 3.6.0)
    rspec-command (1.0.3)
      mixlib-shellout (~> 2.0)
      rspec (~> 3.2)
      rspec-its (~> 1.2)
    rspec-core (3.6.0)
      rspec-support (~> 3.6.0)
    rspec-expectations (3.6.0)
      diff-lcs (>= 1.2.0, < 2.0)
      rspec-support (~> 3.6.0)
    rspec-its (1.2.0)
      rspec-core (>= 3.0.0)
      rspec-expectations (>= 3.0.0)
    rspec-mocks (3.6.0)
      diff-lcs (>= 1.2.0, < 2.0)
      rspec-support (~> 3.6.0)
    rspec-support (3.6.0)
    rufus-lru (1.1.0)
    simplecov (0.14.1)
      docile (~> 1.1.0)
      json (>= 1.8, < 3)
      simplecov-html (~> 0.10.0)
    simplecov-html (0.10.1)
    treetop (1.6.8)
      polyglot (~> 0.3)
    yajl-ruby (1.3.0)

PLATFORMS
  ruby

DEPENDENCIES
  bundler
  rake
  rspec
  sous-chefs-foodcritic-rules!

BUNDLED WITH
   1.12.5
